GEM
  remote: http://rubygems.org/
  remote: http://gems.github.com/
  specs:
    addressable (2.2.6)
    clint (0.2.7)
    diff-lcs (1.1.2)
    grit (2.4.1)
      diff-lcs (~> 1.1)
      mime-types (~> 1.15)
    json (1.5.3)
    mime-types (1.16)

PLATFORMS
  ruby

DEPENDENCIES
  addressable (~> 2.2.6)
  clint
  grit (~> 2.4.1)
  json
