GEM
  remote: http://rubygems.org/
  specs:
    activesupport (3.2.9)
      i18n (~> 0.6)
      multi_json (~> 1.0)
    addressable (2.3.2)
    backports (2.6.5)
    builder (3.1.4)
    clint (0.2.7)
    coderay (1.0.8)
    contacts (1.2.4)
      gdata (= 1.1.1)
      json (>= 0.4.1)
    crack (0.1.8)
    cucumber (1.2.1)
      builder (>= 2.1.2)
      diff-lcs (>= 1.1.3)
      gherkin (~> 2.11.0)
      json (>= 1.4.6)
    descendants_tracker (0.0.1)
    diff-lcs (1.1.3)
    dm-core (1.0.2)
      addressable (~> 2.2)
      extlib (~> 0.9.15)
    dm-validations (1.0.2)
      dm-core (~> 1.0.2)
    extlib (0.9.15)
    gdata (1.1.1)
    gherkin (2.11.5)
      json (>= 1.4.6)
    grit (2.5.0)
      diff-lcs (~> 1.1)
      mime-types (~> 1.15)
      posix-spawn (~> 0.3.6)
    hpricot (0.8.6)
    httparty (0.7.8)
      crack (= 0.1.8)
    i18n (0.6.1)
    json (1.7.6)
    kramdown (0.14.1)
    method_source (0.8.1)
    mg (0.0.8)
      rake
    mime-types (1.19)
    mirrored (0.1.6)
      hpricot (>= 0.5)
    multi_json (1.5.0)
    pinboard (0.0.4)
      httparty (= 0.7.8)
    plist (3.1.0)
    posix-spawn (0.3.6)
    pry (0.9.10)
      coderay (~> 1.0.5)
      method_source (~> 0.8)
      slop (~> 3.3.1)
    rake (10.0.3)
    rspec (2.12.0)
      rspec-core (~> 2.12.0)
      rspec-expectations (~> 2.12.0)
      rspec-mocks (~> 2.12.0)
    rspec-core (2.12.2)
    rspec-expectations (2.12.1)
      diff-lcs (~> 1.1.3)
    rspec-mocks (2.12.1)
    simplecov (0.7.1)
      multi_json (~> 1.0)
      simplecov-html (~> 0.7.1)
    simplecov-html (0.7.1)
    slop (3.3.3)
    virtus (0.5.4)
      backports (~> 2.6.1)
      descendants_tracker (~> 0.0.1)
    yajl-ruby (1.1.0)
    yard (0.8.3)
    yard-cucumber (2.2.2)
      cucumber (>= 0.7.5)
      gherkin (>= 2.2.9)
      yard (>= 0.8.1)

PLATFORMS
  ruby

DEPENDENCIES
  activesupport
  addressable
  clint
  contacts
  cucumber
  dm-validations
  grit
  kramdown
  mg
  mirrored
  pinboard
  plist
  pry
  rake
  rspec
  simplecov
  virtus
  yajl-ruby
  yard
  yard-cucumber
