GEM
  remote: http://rubygems.org/
  specs:
    activesupport (3.2.9)
      i18n (~> 0.6)
      multi_json (~> 1.0)
    addressable (2.3.2)
    backports (2.6.5)
    clint (0.2.7)
    coderay (1.0.8)
    contacts (1.2.4)
      gdata (= 1.1.1)
      json (>= 0.4.1)
    descendants_tracker (0.0.1)
    diff-lcs (1.1.3)
    gdata (1.1.1)
    grit (2.5.0)
      diff-lcs (~> 1.1)
      mime-types (~> 1.15)
      posix-spawn (~> 0.3.6)
    hpricot (0.8.6)
    i18n (0.6.1)
    json (1.7.6)
    method_source (0.8.1)
    mime-types (1.19)
    mirrored (0.1.6)
      hpricot (>= 0.5)
    multi_json (1.5.0)
    plist (3.1.0)
    posix-spawn (0.3.6)
    pry (0.9.10)
      coderay (~> 1.0.5)
      method_source (~> 0.8)
      slop (~> 3.3.1)
    slop (3.3.3)
    virtus (0.5.4)
      backports (~> 2.6.1)
      descendants_tracker (~> 0.0.1)
    yajl-ruby (1.1.0)

PLATFORMS
  ruby

DEPENDENCIES
  activesupport
  addressable
  clint
  contacts
  grit
  mirrored
  plist
  pry
  virtus
  yajl-ruby
